GEM
  remote: https://gems.ruby-china.com/
  specs:
    digest (3.0.0)
    json (2.5.1)
    mustermann (1.1.1)
      ruby2_keywords (~> 0.0.1)
    nio4r (2.5.8)
    puma (5.4.0)
      nio4r (~> 2.0)
    rack (2.2.3)
    rack-protection (2.1.0)
      rack
    rdiscount (2.2.0.2)
    ruby2_keywords (0.0.5)
    sequel (5.47.0)
    sinatra (2.1.0)
      mustermann (~> 1.0)
      rack (~> 2.2)
      rack-protection (= 2.1.0)
      tilt (~> 2.0)
    sinatra-cors (1.2.0)
    sysrandom (1.0.5)
    tilt (2.0.10)
    yaml (0.1.1)

PLATFORMS
  x64-mingw32

DEPENDENCIES
  digest (~> 3.0)
  json (~> 2.5)
  puma (~> 5.4)
  rack (~> 2.2)
  rdiscount (~> 2.2)
  sequel (~> 5.47)
  sinatra (~> 2.1)
  sinatra-cors (~> 1.2)
  sysrandom (~> 1.0)
  yaml (~> 0.1.1)

BUNDLED WITH
   2.1.4
